GEM
  remote: https://rubygems.org/
  specs:
    victor (0.3.2)

PLATFORMS
  x86_64-linux

DEPENDENCIES
  victor

BUNDLED WITH
   2.2.13
